PATH
  remote: .
  specs:
    cyclone (0.1.0)
      sorbet
      sorbet-runtime

GEM
  remote: https://rubygems.org/
  specs:
    coderay (1.1.3)
    method_source (1.0.0)
    minitest (5.15.0)
    pry (0.14.1)
      coderay (~> 1.1)
      method_source (~> 1.0)
    rake (13.0.6)
    sorbet (0.5.9531)
      sorbet-static (= 0.5.9531)
    sorbet-runtime (0.5.9531)
    sorbet-static (0.5.9531-x86_64-linux)
    superators19 (0.9.3)

PLATFORMS
  x86_64-linux

DEPENDENCIES
  cyclone!
  minitest (~> 5.0)
  pry
  rake (~> 13.0)
  sorbet
  sorbet-runtime
  superators19

BUNDLED WITH
   2.2.19
